GEM
  remote: http://rubygems.org/
  specs:
    addressable (2.3.2)
    commonjs (0.2.6)
    excon (0.15.4)
    git (1.2.5)
    github-markup (0.7.4)
    heroku (2.30.1)
      heroku-api (~> 0.3.1)
      launchy (>= 0.3.2)
      netrc (~> 0.7.5)
      rest-client (~> 1.6.1)
      rubyzip
    heroku-api (0.3.1)
      excon (~> 0.15.4)
    launchy (2.1.1)
      addressable (~> 2.3)
    less (2.2.1)
      commonjs (~> 0.2.6)
    libv8 (3.3.10.4)
    logger (1.2.8)
    mime-types (1.19)
    netrc (0.7.5)
    rack (1.4.1)
    rack-protection (1.2.0)
      rack
    rack-test (0.6.1)
      rack (>= 1.0)
    rake (10.1.0)
    rdiscount (1.6.8)
    rest-client (1.6.7)
      mime-types (>= 1.16)
    rubyzip (0.9.9)
    sinatra (1.3.2)
      rack (~> 1.3, >= 1.3.6)
      rack-protection (~> 1.2)
      tilt (~> 1.3, >= 1.3.3)
    therubyracer (0.10.1)
      libv8 (~> 3.3.10)
    tilt (1.3.3)

PLATFORMS
  ruby

DEPENDENCIES
  git
  github-markup
  heroku
  less
  logger
  rack-test
  rake
  rdiscount
  sinatra
  therubyracer
