GEM
  remote: http://rubygems.org/
  specs:
    commonjs (0.2.7)
    git (1.7.0)
      rchardet (~> 1.8)
    github-markup (3.0.4)
    less (2.6.0)
      commonjs (~> 0.2.7)
    libv8 (3.16.14.19)
    logger (1.4.2)
    mustermann (1.1.1)
      ruby2_keywords (~> 0.0.1)
    rack (2.2.3)
    rack-protection (2.0.8.1)
      rack
    rack-test (1.1.0)
      rack (>= 1.0, < 3)
    rake (13.0.1)
    rchardet (1.8.0)
    rdiscount (2.2.0.1)
    ref (2.0.0)
    ruby2_keywords (0.0.2)
    sinatra (2.0.8.1)
      mustermann (~> 1.0)
      rack (~> 2.0)
      rack-protection (= 2.0.8.1)
      tilt (~> 2.0)
    therubyracer (0.12.3)
      libv8 (~> 3.16.14.15)
      ref
    tilt (2.0.10)

PLATFORMS
  ruby

DEPENDENCIES
  git
  github-markup
  less
  logger
  rack-test
  rake
  rdiscount
  sinatra
  therubyracer

BUNDLED WITH
   2.1.4
